GEM
  remote: http://rubygems.org/
  specs:
    mynu (0.3.0)
    nokogiri (1.4.4)

PLATFORMS
  ruby

DEPENDENCIES
  mynu
  nokogiri
